GEM
  remote: https://rubygems.org/
  specs:
    arduino_firmata (0.3.0)
      args_parser (>= 0.1.4)
      event_emitter (>= 0.2.4)
      serialport (>= 1.1.0)
    args_parser (0.1.6)
    event_emitter (0.2.5)
    serialport (1.1.0)

PLATFORMS
  ruby

DEPENDENCIES
  arduino_firmata
  serialport
